GEM
  remote: https://rubygems.org/
  specs:
    daemons (1.3.1)
    eventmachine (1.2.7)
    git (1.8.1)
      rchardet (~> 1.8)
    logger (1.4.3)
    mustermann (1.1.1)
      ruby2_keywords (~> 0.0.1)
    pdfkit (0.8.5)
    rack (2.2.6.3)
    rack-protection (2.1.0)
      rack
    rack-test (1.1.0)
      rack (>= 1.0, < 3)
    rake (13.0.3)
    rchardet (1.8.0)
    redcarpet (3.5.1)
    ruby2_keywords (0.0.4)
    shotgun (0.9.2)
      rack (>= 1.0)
    sinatra (2.1.0)
      mustermann (~> 1.0)
      rack (~> 2.2)
      rack-protection (= 2.1.0)
      tilt (~> 2.0)
    thin (1.8.0)
      daemons (~> 1.0, >= 1.0.9)
      eventmachine (~> 1.0, >= 1.0.4)
      rack (>= 1, < 3)
    tilt (2.0.10)
    wkhtmltopdf-binary-edge (0.12.6.0)

PLATFORMS
  ruby

DEPENDENCIES
  git
  logger
  pdfkit
  rack-test
  rake
  redcarpet
  shotgun
  sinatra
  thin
  wkhtmltopdf-binary-edge

BUNDLED WITH
   1.16.6
